GEM
  remote: http://rubygems.org/
  specs:
    aws-sdk (1.40.1)
      json (~> 1.4)
      nokogiri (>= 1.4.4)
    json (1.8.1)
    mini_portile (0.5.3)
    nokogiri (1.6.2)
      mini_portile (~> 0.5.2)

PLATFORMS
  ruby

DEPENDENCIES
  aws-sdk (= 1.40.1)
  json
